PATH
  remote: .
  specs:
    twittermotion (0.0.2)
      bubble-wrap (>= 1.1.2)

GEM
  remote: http://rubygems.org/
  specs:
    bubble-wrap (1.4.0)
    geomotion (0.13.2)
    rake (10.1.1)

PLATFORMS
  ruby

DEPENDENCIES
  geomotion
  rake
  twittermotion!
